GEM
  remote: https://rubygems.org/
  specs:
    json (1.8.2)

PLATFORMS
  ruby

DEPENDENCIES
  json
